GIT
  remote: https://github.com/NearbyFYI/anemone
  revision: c27ae0a5172e6c9547feb9e8be319aafe209017d
  specs:
    anemone (0.7.1)
      nokogiri (>= 1.3.0)
      robotex (>= 1.0.0)

GEM
  remote: http://rubygems.org/
  specs:
    foreman (0.60.2)
      thor (>= 0.13.6)
    kgio (2.7.4)
    nokogiri (1.5.5)
    rack (1.4.1)
    rack-protection (1.2.0)
      rack
    raindrops (0.10.0)
    robotex (1.0.0)
    sinatra (1.3.3)
      rack (~> 1.3, >= 1.3.6)
      rack-protection (~> 1.2)
      tilt (~> 1.3, >= 1.3.3)
    thor (0.16.0)
    tilt (1.3.3)
    unicorn (4.4.0)
      kgio (~> 2.6)
      rack
      raindrops (~> 0.7)

PLATFORMS
  ruby

DEPENDENCIES
  anemone!
  foreman
  rack
  sinatra
  unicorn
